GEM
  specs:
    haml (4.0.5)
      tilt
    hashie (3.3.1)
    linkedin (1.0.0)
      hashie (~> 3.0)
      multi_json (~> 1.0)
      oauth (~> 0.4)
    multi_json (1.10.1)
    oauth (0.4.7)
    rack (1.5.2)
    rack-protection (1.5.3)
      rack
    sinatra (1.4.5)
      rack (~> 1.4)
      rack-protection (~> 1.4)
      tilt (~> 1.3, >= 1.3.4)
    tilt (1.4.1)

PLATFORMS
  ruby

DEPENDENCIES
  haml
  linkedin
  sinatra
